GEM
  remote: https://rubygems.org/
  specs:
    coderay (1.1.1)
    gosu (0.10.7)
    method_source (0.8.2)
    minitest (5.9.0)
    pry (0.10.3)
      coderay (~> 1.1.0)
      method_source (~> 0.8.1)
      slop (~> 3.4)
    rake (11.2.2)
    slop (3.6.0)

PLATFORMS
  ruby

DEPENDENCIES
  bundler
  gosu
  minitest
  pry
  rake

BUNDLED WITH
   1.11.2
